GEM
  remote: http://rubygems.org/
  specs:
    json (2.0.2)

PLATFORMS
  ruby

DEPENDENCIES
  json

RUBY VERSION
   ruby 2.3.1p112

BUNDLED WITH
   1.12.5
